GEM
  remote: http://rubygems.org/
  specs:
    activemodel (3.0.5)
      activesupport (= 3.0.5)
      builder (~> 2.1.2)
      i18n (~> 0.4)
    activesupport (3.0.5)
    bowtie (0.5.9)
      sinatra (>= 0.9.4)
    bson (1.12.3)
    bson_ext (1.12.3)
      bson (~> 1.12.3)
    builder (2.1.2)
    daemons (1.2.6)
    eventmachine (1.2.7)
    i18n (0.6.1)
    mongo (1.12.3)
      bson (= 1.12.3)
    mongo_mapper (0.12.0)
      activemodel (~> 3.0)
      activesupport (~> 3.0)
      plucky (~> 0.5.2)
    mustermann (1.0.3)
    plucky (0.5.2)
      mongo (~> 1.5)
    rack (2.0.6)
    rack-protection (2.0.4)
      rack
    sinatra (2.0.4)
      mustermann (~> 1.0)
      rack (~> 2.0)
      rack-protection (= 2.0.4)
      tilt (~> 2.0)
    thin (1.7.2)
      daemons (~> 1.0, >= 1.0.9)
      eventmachine (~> 1.0, >= 1.0.4)
      rack (>= 1, < 3)
    tilt (2.0.8)

PLATFORMS
  ruby

DEPENDENCIES
  bowtie (>= 0.5.8)
  bson_ext
  builder (~> 2.1.2)
  i18n
  mongo_mapper (= 0.12.0)
  rack (>= 1.6.11)
  sinatra (>= 1.4.6)
  thin (>= 1.6.4)

BUNDLED WITH
   1.16.6
