GEM
  remote: http://rubygems.org/
  specs:
    activemodel (3.0.5)
      activesupport (= 3.0.5)
      builder (~> 2.1.2)
      i18n (~> 0.4)
    activesupport (3.0.5)
    bowtie (0.5.8)
      sinatra (>= 0.9.4)
    bson (1.12.5)
    bson_ext (1.12.3)
      bson (~> 1.12.3)
    builder (2.1.2)
    concurrent-ruby (1.1.3)
    daemons (1.2.3)
    eventmachine (1.0.8)
    i18n (0.9.5)
      concurrent-ruby (~> 1.0)
    mongo (1.12.5)
      bson (= 1.12.5)
    mongo_mapper (0.12.0)
      activemodel (~> 3.0)
      activesupport (~> 3.0)
      plucky (~> 0.5.2)
    plucky (0.5.2)
      mongo (~> 1.5)
    rack (1.6.4)
    rack-protection (1.5.3)
      rack
    sinatra (1.4.6)
      rack (~> 1.4)
      rack-protection (~> 1.4)
      tilt (>= 1.3, < 3)
    thin (1.6.4)
      daemons (~> 1.0, >= 1.0.9)
      eventmachine (~> 1.0, >= 1.0.4)
      rack (~> 1.0)
    tilt (2.0.1)

PLATFORMS
  ruby

DEPENDENCIES
  bowtie
  bson_ext
  builder (~> 2.1.2)
  i18n (>= 0.8.0)
  mongo_mapper (= 0.12.0)
  rack
  sinatra
  thin

BUNDLED WITH
   1.16.6
